GEM
  remote: https://rubygems.org/
  specs:
    colorize (0.8.1)
    commander (4.4.4)
      highline (~> 1.7.2)
    highline (1.7.10)

PLATFORMS
  ruby

DEPENDENCIES
  colorize
  commander

BUNDLED WITH
   1.16.1
